STORAGE: NONE
RESTRICTION: == netcoreapp3.1
NUGET
  remote: https://api.nuget.org/v3/index.json
    Microsoft.Extensions.DependencyInjection (3.1.5)
      Microsoft.Extensions.DependencyInjection.Abstractions (>= 3.1.5)
    Microsoft.Extensions.DependencyInjection.Abstractions (3.1.5)
    Newtonsoft.Json (12.0.3)
    refit (5.1.67)
      Newtonsoft.Json (>= 12.0.3)
      System.Text.Json (>= 4.7.1)
    System.Text.Json (4.7.2)
