STORAGE: NONE
RESTRICTION: == netcoreapp3.1
NUGET
  remote: https://api.nuget.org/v3/index.json
    Microsoft.Extensions.Caching.Abstractions (3.1.5)
      Microsoft.Extensions.Primitives (>= 3.1.5)
    Microsoft.Extensions.Caching.Memory (3.1.5)
      Microsoft.Extensions.Caching.Abstractions (>= 3.1.5)
      Microsoft.Extensions.DependencyInjection.Abstractions (>= 3.1.5)
      Microsoft.Extensions.Logging.Abstractions (>= 3.1.5)
      Microsoft.Extensions.Options (>= 3.1.5)
    Microsoft.Extensions.Configuration (3.1.5)
      Microsoft.Extensions.Configuration.Abstractions (>= 3.1.5)
    Microsoft.Extensions.Configuration.Abstractions (3.1.5)
      Microsoft.Extensions.Primitives (>= 3.1.5)
    Microsoft.Extensions.Configuration.Binder (3.1.5)
      Microsoft.Extensions.Configuration (>= 3.1.5)
    Microsoft.Extensions.Configuration.CommandLine (3.1.5)
      Microsoft.Extensions.Configuration (>= 3.1.5)
    Microsoft.Extensions.Configuration.EnvironmentVariables (3.1.5)
      Microsoft.Extensions.Configuration (>= 3.1.5)
    Microsoft.Extensions.Configuration.FileExtensions (3.1.5)
      Microsoft.Extensions.Configuration (>= 3.1.5)
      Microsoft.Extensions.FileProviders.Physical (>= 3.1.5)
    Microsoft.Extensions.Configuration.Json (3.1.5)
      Microsoft.Extensions.Configuration (>= 3.1.5)
      Microsoft.Extensions.Configuration.FileExtensions (>= 3.1.5)
    Microsoft.Extensions.Configuration.UserSecrets (3.1.5)
      Microsoft.Extensions.Configuration.Json (>= 3.1.5)
    Microsoft.Extensions.DependencyInjection (3.1.5)
      Microsoft.Extensions.DependencyInjection.Abstractions (>= 3.1.5)
    Microsoft.Extensions.DependencyInjection.Abstractions (3.1.5)
    Microsoft.Extensions.FileProviders.Abstractions (3.1.5)
      Microsoft.Extensions.Primitives (>= 3.1.5)
    Microsoft.Extensions.FileProviders.Physical (3.1.5)
      Microsoft.Extensions.FileProviders.Abstractions (>= 3.1.5)
      Microsoft.Extensions.FileSystemGlobbing (>= 3.1.5)
    Microsoft.Extensions.FileSystemGlobbing (3.1.5)
    Microsoft.Extensions.Hosting (3.1.5)
      Microsoft.Extensions.Configuration (>= 3.1.5)
      Microsoft.Extensions.Configuration.CommandLine (>= 3.1.5)
      Microsoft.Extensions.Configuration.EnvironmentVariables (>= 3.1.5)
      Microsoft.Extensions.Configuration.UserSecrets (>= 3.1.5)
      Microsoft.Extensions.DependencyInjection (>= 3.1.5)
      Microsoft.Extensions.FileProviders.Physical (>= 3.1.5)
      Microsoft.Extensions.Hosting.Abstractions (>= 3.1.5)
      Microsoft.Extensions.Logging (>= 3.1.5)
      Microsoft.Extensions.Logging.Console (>= 3.1.5)
      Microsoft.Extensions.Logging.Debug (>= 3.1.5)
      Microsoft.Extensions.Logging.EventLog (>= 3.1.5)
      Microsoft.Extensions.Logging.EventSource (>= 3.1.5)
    Microsoft.Extensions.Hosting.Abstractions (3.1.5)
      Microsoft.Extensions.Configuration.Abstractions (>= 3.1.5)
      Microsoft.Extensions.DependencyInjection.Abstractions (>= 3.1.5)
      Microsoft.Extensions.FileProviders.Abstractions (>= 3.1.5)
      Microsoft.Extensions.Logging.Abstractions (>= 3.1.5)
    Microsoft.Extensions.Logging (3.1.5)
      Microsoft.Extensions.Configuration.Binder (>= 3.1.5)
      Microsoft.Extensions.DependencyInjection (>= 3.1.5)
      Microsoft.Extensions.Logging.Abstractions (>= 3.1.5)
      Microsoft.Extensions.Options (>= 3.1.5)
    Microsoft.Extensions.Logging.Abstractions (3.1.5)
    Microsoft.Extensions.Logging.Configuration (3.1.5)
      Microsoft.Extensions.Logging (>= 3.1.5)
      Microsoft.Extensions.Options.ConfigurationExtensions (>= 3.1.5)
    Microsoft.Extensions.Logging.Console (3.1.5)
      Microsoft.Extensions.Configuration.Abstractions (>= 3.1.5)
      Microsoft.Extensions.Logging (>= 3.1.5)
      Microsoft.Extensions.Logging.Configuration (>= 3.1.5)
    Microsoft.Extensions.Logging.Debug (3.1.5)
      Microsoft.Extensions.Logging (>= 3.1.5)
    Microsoft.Extensions.Logging.EventLog (3.1.5)
      Microsoft.Extensions.Logging (>= 3.1.5)
      System.Diagnostics.EventLog (>= 4.7)
    Microsoft.Extensions.Logging.EventSource (3.1.5)
      Microsoft.Extensions.Logging (>= 3.1.5)
    Microsoft.Extensions.Options (3.1.5)
      Microsoft.Extensions.DependencyInjection.Abstractions (>= 3.1.5)
      Microsoft.Extensions.Primitives (>= 3.1.5)
    Microsoft.Extensions.Options.ConfigurationExtensions (3.1.5)
      Microsoft.Extensions.Configuration.Abstractions (>= 3.1.5)
      Microsoft.Extensions.Configuration.Binder (>= 3.1.5)
      Microsoft.Extensions.DependencyInjection.Abstractions (>= 3.1.5)
      Microsoft.Extensions.Options (>= 3.1.5)
    Microsoft.Extensions.Primitives (3.1.5)
    Microsoft.NETCore.Platforms (3.1.1)
    Microsoft.Win32.Registry (4.7)
      System.Security.AccessControl (>= 4.7)
      System.Security.Principal.Windows (>= 4.7)
    Newtonsoft.Json (12.0.3)
    Polly (7.2.1)
    refit (5.1.67)
      Newtonsoft.Json (>= 12.0.3)
      System.Text.Json (>= 4.7.1)
    System.Diagnostics.EventLog (4.7)
      Microsoft.NETCore.Platforms (>= 3.1)
      Microsoft.Win32.Registry (>= 4.7)
      System.Security.Principal.Windows (>= 4.7)
    System.Security.AccessControl (4.7)
      Microsoft.NETCore.Platforms (>= 3.1)
      System.Security.Principal.Windows (>= 4.7)
    System.Security.Principal.Windows (4.7)
    System.Text.Json (4.7.2)
